PATH
  remote: .
  specs:
    terrafying (0.2.1)
      aws-sdk (~> 2)
      thor (~> 0.19.1)

GEM
  remote: https://rubygems.org/
  specs:
    aws-sdk (2.5.7)
      aws-sdk-resources (= 2.5.7)
    aws-sdk-core (2.5.7)
      jmespath (~> 1.0)
    aws-sdk-resources (2.5.7)
      aws-sdk-core (= 2.5.7)
    jmespath (1.3.1)
    rake (10.5.0)
    thor (0.19.1)

PLATFORMS
  ruby

DEPENDENCIES
  bundler (~> 1.11)
  rake (~> 10.0)
  terrafying!

BUNDLED WITH
   1.12.5
