PATH
  remote: .
  specs:
    terrafying (1.0.8)
      aws-sdk (~> 2)
      deep_merge (~> 1.1.1)
      thor (~> 0.19.1)

GEM
  remote: https://rubygems.org/
  specs:
    aws-sdk (2.10.78)
      aws-sdk-resources (= 2.10.78)
    aws-sdk-core (2.10.78)
      aws-sigv4 (~> 1.0)
      jmespath (~> 1.0)
    aws-sdk-resources (2.10.78)
      aws-sdk-core (= 2.10.78)
    aws-sigv4 (1.0.2)
    deep_merge (1.1.1)
    jmespath (1.3.1)
    rake (10.5.0)
    thor (0.19.4)

PLATFORMS
  ruby

DEPENDENCIES
  bundler (~> 1.11)
  rake (~> 10.0)
  terrafying!

BUNDLED WITH
   1.16.0
